GEM
  remote: https://rubygems.org/
  specs:
    dino (0.9.1)
      serialport
    serialport (1.1.0)

PLATFORMS
  ruby

DEPENDENCIES
  dino
