GEM
  remote: https://rubygems.org/
  specs:
    coderay (1.0.8)
    dino (0.9.1)
      serialport
    method_source (0.8.1)
    pry (0.9.10)
      coderay (~> 1.0.5)
      method_source (~> 0.8)
      slop (~> 3.3.1)
    serialport (1.1.0)
    slop (3.3.3)

PLATFORMS
  ruby

DEPENDENCIES
  dino
  pry
